GEM
  remote: https://rubygems.org/
  specs:
    albacore (2.3.15)
      map (~> 6.5)
      nokogiri (~> 1.5)
      rake (~> 10)
      semver2 (~> 3.4)
    excon (0.43.0)
    heroku-api (0.3.22)
      excon (~> 0.38)
      multi_json (~> 1.8)
    heroku_san (4.3.2)
      heroku-api (>= 0.1.2)
      json
      rake
    json (1.8.2)
    map (6.5.5)
    mini_portile (0.6.2)
    multi_json (1.10.1)
    nokogiri (1.6.5-x86-mingw32)
      mini_portile (~> 0.6.0)
    rake (10.4.2)
    semver2 (3.4.1)

PLATFORMS
  x86-mingw32

DEPENDENCIES
  albacore
  heroku_san
